GEM
  remote: https://rubygems.org/
  specs:
    childprocess (0.5.5)
      ffi (~> 1.0, >= 1.0.11)
    exifr (1.2.0)
    ffi (1.9.6)
    fspath (2.1.1)
    image_optim (0.20.2)
      exifr (~> 1.1, >= 1.1.3)
      fspath (~> 2.1)
      image_size (~> 1.3)
      in_threads (~> 1.3)
      progress (~> 3.0, >= 3.0.1)
    image_size (1.4.1)
    in_threads (1.3.1)
    overcommit (0.22.0)
      childprocess (>= 0.5.1)
    progress (3.1.0)
    rainbow (2.0.0)
    sass (3.4.12)
    scss-lint (0.33.0)
      rainbow (~> 2.0)
      sass (~> 3.4.1)

PLATFORMS
  ruby

DEPENDENCIES
  image_optim
  overcommit
  scss-lint
